GEM
  remote: https://rubygems.org/
  specs:
    coderay (1.1.3)
    json (2.6.2)
    method_source (1.0.0)
    pry (0.14.1)
      coderay (~> 1.1)
      method_source (~> 1.0)

PLATFORMS
  x64-mingw32

DEPENDENCIES
  json
  pry

BUNDLED WITH
   2.3.26
